PATH
  remote: .
  specs:
    schema-test (0.1.0)
      json
      json_schemer

GEM
  remote: https://rubygems.org/
  specs:
    byebug (11.1.3)
    diff-lcs (1.5.0)
    hana (1.3.7)
    json (2.7.1)
    json_schemer (2.0.0)
      hana (~> 1.3)
      regexp_parser (~> 2.0)
      simpleidn (~> 0.2)
    rake (13.0.6)
    regexp_parser (2.8.1)
    rspec (3.12.0)
      rspec-core (~> 3.12.0)
      rspec-expectations (~> 3.12.0)
      rspec-mocks (~> 3.12.0)
    rspec-core (3.12.2)
      rspec-support (~> 3.12.0)
    rspec-expectations (3.12.3)
      diff-lcs (>= 1.2.0, < 2.0)
      rspec-support (~> 3.12.0)
    rspec-mocks (3.12.6)
      diff-lcs (>= 1.2.0, < 2.0)
      rspec-support (~> 3.12.0)
    rspec-support (3.12.1)
    simpleidn (0.2.1)
      unf (~> 0.1.4)
    unf (0.1.4)
      unf_ext
    unf_ext (0.0.8.2)

PLATFORMS
  ruby

DEPENDENCIES
  bundler (~> 2)
  byebug
  rake (~> 13.0)
  rspec (~> 3.0)
  schema-test!

BUNDLED WITH
   2.1.4
