PATH
  remote: .
  specs:
    schema-test (0.1.0)
      json
      json_schemer

GEM
  remote: https://rubygems.org/
  specs:
    byebug (11.1.3)
    diff-lcs (1.4.4)
    ecma-re-validator (0.3.0)
      regexp_parser (~> 2.0)
    hana (1.3.7)
    json (2.5.1)
    json_schemer (0.2.18)
      ecma-re-validator (~> 0.3)
      hana (~> 1.3)
      regexp_parser (~> 2.0)
      uri_template (~> 0.7)
    rake (13.0.6)
    regexp_parser (2.1.1)
    rspec (3.10.0)
      rspec-core (~> 3.10.0)
      rspec-expectations (~> 3.10.0)
      rspec-mocks (~> 3.10.0)
    rspec-core (3.10.1)
      rspec-support (~> 3.10.0)
    rspec-expectations (3.10.1)
      diff-lcs (>= 1.2.0, < 2.0)
      rspec-support (~> 3.10.0)
    rspec-mocks (3.10.2)
      diff-lcs (>= 1.2.0, < 2.0)
      rspec-support (~> 3.10.0)
    rspec-support (3.10.2)
    uri_template (0.7.0)

PLATFORMS
  ruby

DEPENDENCIES
  bundler (~> 2)
  byebug
  rake (~> 13.0)
  rspec (~> 3.0)
  schema-test!

BUNDLED WITH
   2.1.4
